PATH
  remote: ..
  specs:
    address_book (0.0.1)
      nitro_mysql (= 0.0.1)
      rails (= 6.0.6.1)
    directory (0.0.1)
      activejob-uniqueness (~> 0.2.3)
      activeldap (= 5.2.4)
      address_book (= 0.0.1)
      audit_tracker (= 0.1.0)
      geokit (= 1.11.0)
      net-ldap (= 0.16.1)
      net-ssh (= 4.0.1)
      nitro_attr_encrypted (= 0.0.1)
      nitro_auth (= 0.0.1)
      nitro_config (= 0.1.1)
      nitro_graphql (= 0.0.1)
      nitro_mysql (= 0.0.1)
      nitro_object_store (= 0.0.1)
      nitro_search (= 0.0.1)
      nitro_theme (= 0.0.1)
      rabbet (= 0.0.3)
      rails (= 6.0.6.1)
      responders (~> 3.0)
      resque (= 2.4.0)
      resque-retry (= 1.7.6)
      resque_solo (= 0.5.0)
      simple_form (= 5.0.1)
      smbhash (= 1.0.2)
    nitro_attr_encrypted (0.0.1)
      nitro_auth (= 0.0.1)
      nitro_config (= 0.1.1)
      nitro_mysql (= 0.0.1)
      powerhome-attr_encrypted (= 1.2.0)
      rails (= 6.0.6.1)
    nitro_auth (0.0.1)
      consent (= 2.0.0)
      jwt (= 1.5.6)
      nitro_mysql (= 0.0.1)
      rack-accept (= 0.4.5)
      rails (= 6.0.6.1)
      ransack (= 2.3.0)
      request_store (= 1.5.0)
      simple_form (= 5.0.1)
      useragent (= 0.16.8)
      warden (= 1.2.6)
    nitro_errors (0.0.1)
      nitro_auth (= 0.0.1)
      nitro_config (= 0.1.1)
      nitro_mysql (= 0.0.1)
      rails (= 6.0.6.1)
      sentry-rails (= 5.5.0)
      sentry-resque (= 5.5.0)
      sentry-ruby (= 5.5.0)
    nitro_graphql (0.0.1)
      graphiql-rails (= 1.8.0)
      graphql (= 2.0.14)
      graphql-batch (= 0.5.1)
      graphql-schema_comparator (= 1.1.1)
      marcel (~> 1.0.0)
      newrelic_rpm (= 8.16.0)
      nitro_auth (= 0.0.1)
      nitro_errors (= 0.0.1)
      rails (= 6.0.6.1)
    nitro_linting (0.0.1)
      activesupport (= 6.0.6.1)
      rubocop (= 1.20.0)
      rubocop-cobra (>= 0.4.0)
      rubocop-performance (= 1.11.5)
      rubocop-powerhome (>= 0.5.0)
      rubocop-rails (= 2.12.2)
      rubocop-rake (= 0.6.0)
      rubocop-rspec (= 2.4.0)
    nitro_mysql (0.0.1)
      activerecord (= 6.0.6.1)
      departure (= 6.4.0)
      edgestitch (= 0.3.0)
      mysql2 (= 0.5.3)
      transaction_retry (= 1.0.2)
    nitro_object_store (0.0.1)
      active_storage_validations (= 0.9.0)
      activejob (= 6.0.6.1)
      activestorage (= 6.0.6.1)
      activesupport (= 6.0.6.1)
      aws-sdk-s3 (= 1.75.0)
      fog-aws (= 1.4.1)
      image_processing (~> 1.0)
      kt-paperclip (~> 6.4)
      mini_magick (= 4.10.1)
      nitro_config (= 0.1.1)
    nitro_react (0.0.1)
      rails (= 6.0.6.1)
      webpacker (>= 4.2.2, = 4.3.0)
      webpacker-react (= 0.3.2)
    nitro_redis (0.0.1)
      connection_pool (= 2.2.1)
      hiredis (= 0.6.1)
      nitro_config (= 0.1.1)
      redis (= 4.6.0)
      redlock (= 1.2.1)
    nitro_search (0.0.1)
      elasticsearch (= 7.17.1)
      elasticsearch-dsl (= 0.1.9)
      elasticsearch-model (= 7.2.0)
      elasticsearch-rails (= 7.2.0)
      httparty (~> 0.16.2)
      nitro_auth (= 0.0.1)
      nitro_config (= 0.1.1)
      nitro_errors (= 0.0.1)
      nitro_mysql (= 0.0.1)
      nitro_redis (= 0.0.1)
      nitro_theme (= 0.0.1)
      powerhome-select2-rails (= 3.5.9.1)
      rails (= 6.0.6.1)
      ransack (= 2.3.0)
      simple_form (= 5.0.1)
      will_paginate (= 3.3.0)
    nitro_theme (0.0.1)
      bootstrap-sass (= 3.4.1)
      cygnet (= 0.0.1)
      jquery-rails (= 4.5.1)
      lodash-rails (= 3.10.1)
      nitro_config (= 0.1.1)
      nitro_react (= 0.0.1)
      nitro_redis (= 0.0.1)
      playbook_ui (= 12.6.0)
      rabbet (= 0.0.3)
      rails (= 6.0.6.1)
      sassc (= 2.4.0)
      sassc-rails (= 2.1.2)
      simple_form (= 5.0.1)
      sprockets-rails (= 2.3.3)
      turbolinks (~> 5)
      will_paginate (= 3.3.0)
      will_paginate-bootstrap (= 1.0.1)

PATH
  remote: .
  specs:
    nitro_history (0.0.1)
      directory (= 0.0.1)
      nitro_attr_encrypted (= 0.0.1)
      nitro_auth (= 0.0.1)
      nitro_config (= 0.1.1)
      nitro_graphql (= 0.0.1)
      nitro_mysql (= 0.0.1)
      rails (= 6.0.6.1)

GEM
  remote: https://rubygems.org/
  specs:
    actioncable (6.0.6.1)
      actionpack (= 6.0.6.1)
      nio4r (~> 2.0)
      websocket-driver (>= 0.6.1)
    actionmailbox (6.0.6.1)
      actionpack (= 6.0.6.1)
      activejob (= 6.0.6.1)
      activerecord (= 6.0.6.1)
      activestorage (= 6.0.6.1)
      activesupport (= 6.0.6.1)
      mail (>= 2.7.1)
    actionmailer (6.0.6.1)
      actionpack (= 6.0.6.1)
      actionview (= 6.0.6.1)
      activejob (= 6.0.6.1)
      mail (~> 2.5, >= 2.5.4)
      rails-dom-testing (~> 2.0)
    actionpack (6.0.6.1)
      actionview (= 6.0.6.1)
      activesupport (= 6.0.6.1)
      rack (~> 2.0, >= 2.0.8)
      rack-test (>= 0.6.3)
      rails-dom-testing (~> 2.0)
      rails-html-sanitizer (~> 1.0, >= 1.2.0)
    actiontext (6.0.6.1)
      actionpack (= 6.0.6.1)
      activerecord (= 6.0.6.1)
      activestorage (= 6.0.6.1)
      activesupport (= 6.0.6.1)
      nokogiri (>= 1.8.5)
    actionview (6.0.6.1)
      activesupport (= 6.0.6.1)
      builder (~> 3.1)
      erubi (~> 1.4)
      rails-dom-testing (~> 2.0)
      rails-html-sanitizer (~> 1.1, >= 1.2.0)
    active_storage_validations (0.9.0)
      rails (>= 5.2.0)
    activejob (6.0.6.1)
      activesupport (= 6.0.6.1)
      globalid (>= 0.3.6)
    activejob-uniqueness (0.2.4)
      activejob (>= 4.2, < 7.1)
      redlock (>= 1.2, < 2)
    activeldap (5.2.4)
      activemodel (>= 4.2)
      builder
      gettext
      gettext_i18n_rails
      locale
    activemodel (6.0.6.1)
      activesupport (= 6.0.6.1)
    activerecord (6.0.6.1)
      activemodel (= 6.0.6.1)
      activesupport (= 6.0.6.1)
    activestorage (6.0.6.1)
      actionpack (= 6.0.6.1)
      activejob (= 6.0.6.1)
      activerecord (= 6.0.6.1)
      marcel (~> 1.0)
    activesupport (6.0.6.1)
      concurrent-ruby (~> 1.0, >= 1.0.2)
      i18n (>= 0.7, < 2)
      minitest (~> 5.1)
      tzinfo (~> 1.1)
      zeitwerk (~> 2.2, >= 2.2.2)
    ast (2.4.2)
    audit_tracker (0.1.0)
    autoprefixer-rails (10.4.7.0)
      execjs (~> 2)
    aws-eventstream (1.2.0)
    aws-partitions (1.670.0)
    aws-sdk-core (3.168.2)
      aws-eventstream (~> 1, >= 1.0.2)
      aws-partitions (~> 1, >= 1.651.0)
      aws-sigv4 (~> 1.5)
      jmespath (~> 1, >= 1.6.1)
    aws-sdk-kms (1.60.0)
      aws-sdk-core (~> 3, >= 3.165.0)
      aws-sigv4 (~> 1.1)
    aws-sdk-s3 (1.75.0)
      aws-sdk-core (~> 3, >= 3.104.1)
      aws-sdk-kms (~> 1)
      aws-sigv4 (~> 1.1)
    aws-sigv4 (1.5.2)
      aws-eventstream (~> 1, >= 1.0.2)
    babel-source (5.8.35)
    babel-transpiler (0.7.0)
      babel-source (>= 4.0, < 6)
      execjs (~> 2.0)
    bootstrap-sass (3.4.1)
      autoprefixer-rails (>= 5.2.1)
      sassc (>= 2.0.0)
    builder (3.2.4)
    byebug (11.1.3)
    cancancan (3.2.1)
    climate_control (0.2.0)
    coderay (1.1.3)
    concurrent-ruby (1.2.2)
    connection_pool (2.2.1)
    consent (2.0.0)
      cancancan (= 3.2.1)
    crass (1.0.6)
    cygnet (0.0.1)
    database_cleaner (1.8.5)
    date (3.3.3)
    departure (6.4.0)
      activerecord (>= 5.2.0, < 7.1, != 7.0.0)
      mysql2 (>= 0.4.0, <= 0.5.4)
      railties (>= 5.2.0, < 7.1, != 7.0.0)
    diff-lcs (1.5.0)
    docile (1.1.5)
    edgestitch (0.3.0)
    elasticsearch (7.17.1)
      elasticsearch-api (= 7.17.1)
      elasticsearch-transport (= 7.17.1)
    elasticsearch-api (7.17.1)
      multi_json
    elasticsearch-dsl (0.1.9)
    elasticsearch-model (7.2.0)
      activesupport (> 3)
      elasticsearch (~> 7)
      hashie
    elasticsearch-rails (7.2.0)
    elasticsearch-transport (7.17.1)
      faraday (~> 1)
      multi_json
    encryptor (3.0.0)
    erubi (1.12.0)
    et-orbi (1.2.7)
      tzinfo
    excon (0.94.0)
    execjs (2.8.1)
    factory_bot (5.1.2)
      activesupport (>= 4.2.0)
    factory_bot_rails (5.1.1)
      factory_bot (~> 5.1.0)
      railties (>= 4.2.0)
    faraday (1.10.2)
      faraday-em_http (~> 1.0)
      faraday-em_synchrony (~> 1.0)
      faraday-excon (~> 1.1)
      faraday-httpclient (~> 1.0)
      faraday-multipart (~> 1.0)
      faraday-net_http (~> 1.0)
      faraday-net_http_persistent (~> 1.0)
      faraday-patron (~> 1.0)
      faraday-rack (~> 1.0)
      faraday-retry (~> 1.0)
      ruby2_keywords (>= 0.0.4)
    faraday-em_http (1.0.0)
    faraday-em_synchrony (1.0.0)
    faraday-excon (1.1.0)
    faraday-httpclient (1.0.1)
    faraday-multipart (1.0.4)
      multipart-post (~> 2)
    faraday-net_http (1.0.1)
    faraday-net_http_persistent (1.2.0)
    faraday-patron (1.0.0)
    faraday-rack (1.0.0)
    faraday-retry (1.0.3)
    fast_gettext (2.2.0)
    ffi (1.15.5)
    fog-aws (1.4.1)
      fog-core (~> 1.38)
      fog-json (~> 1.0)
      fog-xml (~> 0.1)
      ipaddress (~> 0.8)
    fog-core (1.45.0)
      builder
      excon (~> 0.58)
      formatador (~> 0.2)
    fog-json (1.2.0)
      fog-core
      multi_json (~> 1.10)
    fog-xml (0.1.4)
      fog-core
      nokogiri (>= 1.5.11, < 2.0.0)
    formatador (0.3.0)
    forwardable (1.3.2)
    fugit (1.7.2)
      et-orbi (~> 1, >= 1.2.7)
      raabro (~> 1.4)
    geokit (1.11.0)
    gettext (3.4.3)
      erubi
      locale (>= 2.0.5)
      prime
      text (>= 1.3.0)
    gettext_i18n_rails (1.9.0)
      fast_gettext (>= 0.9.0)
    globalid (1.0.1)
      activesupport (>= 5.0)
    graphiql-rails (1.8.0)
      railties
      sprockets-rails
    graphql (2.0.14)
    graphql-batch (0.5.1)
      graphql (>= 1.10, < 3)
      promise.rb (~> 0.7.2)
    graphql-schema_comparator (1.1.1)
      bundler (>= 1.14)
      graphql (>= 1.10, < 3.0)
      thor (>= 0.19, < 2.0)
    hashie (5.0.0)
    hiredis (0.6.1)
    httparty (0.16.4)
      mime-types (~> 3.0)
      multi_xml (>= 0.5.2)
    i18n (1.12.0)
      concurrent-ruby (~> 1.0)
    image_processing (1.12.2)
      mini_magick (>= 4.9.5, < 5)
      ruby-vips (>= 2.0.17, < 3)
    ipaddress (0.8.3)
    jmespath (1.6.2)
    jquery-rails (4.5.1)
      rails-dom-testing (>= 1, < 3)
      railties (>= 4.2.0)
      thor (>= 0.14, < 2.0)
    json (2.6.2)
    jwt (1.5.6)
    kt-paperclip (6.4.2)
      activemodel (>= 4.2.0)
      activesupport (>= 4.2.0)
      mime-types
      mimemagic (~> 0.3.0)
      terrapin (~> 0.6.0)
    locale (2.1.3)
    lodash-rails (3.10.1)
      railties (>= 3.1)
    loofah (2.19.1)
      crass (~> 1.0.2)
      nokogiri (>= 1.5.9)
    mail (2.8.0.1)
      mini_mime (>= 0.1.1)
      net-imap
      net-pop
      net-smtp
    marcel (1.0.2)
    method_source (1.0.0)
    mime-types (3.4.1)
      mime-types-data (~> 3.2015)
    mime-types-data (3.2022.0105)
    mimemagic (0.3.10)
      nokogiri (~> 1)
      rake
    mini_magick (4.10.1)
    mini_mime (1.1.2)
    mini_portile2 (2.8.1)
    minitest (5.17.0)
    mono_logger (1.1.1)
    multi_json (1.15.0)
    multi_xml (0.6.0)
    multipart-post (2.2.3)
    mustermann (3.0.0)
      ruby2_keywords (~> 0.0.1)
    mysql2 (0.5.3)
    net-imap (0.3.4)
      date
      net-protocol
    net-ldap (0.16.1)
    net-pop (0.1.2)
      net-protocol
    net-protocol (0.2.1)
      timeout
    net-smtp (0.3.3)
      net-protocol
    net-ssh (4.0.1)
    newrelic_rpm (8.16.0)
    nio4r (2.5.8)
    nitro_config (0.1.1)
      activesupport (>= 5.2.8.1)
    nokogiri (1.14.2)
      mini_portile2 (~> 2.8.0)
      racc (~> 1.4)
    nokogiri (1.14.2-arm64-darwin)
      racc (~> 1.4)
    nokogiri (1.14.2-x86_64-darwin)
      racc (~> 1.4)
    nokogiri (1.14.2-x86_64-linux)
      racc (~> 1.4)
    parallel (1.22.1)
    parser (3.1.3.0)
      ast (~> 2.4.1)
    playbook_ui (12.6.0)
      actionpack (>= 5.2.4.5)
      actionview (>= 5.2.4.5)
      activesupport (>= 5.2.4.5)
      react-rails (= 2.6.1)
      redcarpet (~> 3.5)
      rouge (~> 3.15)
      view_component (= 2.55.0)
      webpacker-react (~> 0.3.2)
    polyamorous (2.3.0)
      activerecord (>= 5.0)
    power_assert (2.0.2)
    powerhome-attr_encrypted (1.2.0)
      encryptor (~> 3.0.0)
    powerhome-select2-rails (3.5.9.1)
    prime (0.1.2)
      forwardable
      singleton
    promise.rb (0.7.4)
    pry (0.13.1)
      coderay (~> 1.1)
      method_source (~> 1.0)
    pry-byebug (3.9.0)
      byebug (~> 11.0)
      pry (~> 0.13.0)
    raabro (1.4.0)
    rabbet (0.0.3)
      cygnet (= 0.0.1)
      rails (>= 6.0)
      sassc-rails (= 2.1.2)
    racc (1.6.2)
    rack (2.2.6.3)
    rack-accept (0.4.5)
      rack (>= 0.4)
    rack-protection (3.0.5)
      rack
    rack-proxy (0.7.6)
      rack
    rack-test (2.0.2)
      rack (>= 1.3)
    rails (6.0.6.1)
      actioncable (= 6.0.6.1)
      actionmailbox (= 6.0.6.1)
      actionmailer (= 6.0.6.1)
      actionpack (= 6.0.6.1)
      actiontext (= 6.0.6.1)
      actionview (= 6.0.6.1)
      activejob (= 6.0.6.1)
      activemodel (= 6.0.6.1)
      activerecord (= 6.0.6.1)
      activestorage (= 6.0.6.1)
      activesupport (= 6.0.6.1)
      bundler (>= 1.3.0)
      railties (= 6.0.6.1)
      sprockets-rails (>= 2.0.0)
    rails-dom-testing (2.0.3)
      activesupport (>= 4.2.0)
      nokogiri (>= 1.6)
    rails-html-sanitizer (1.5.0)
      loofah (~> 2.19, >= 2.19.1)
    railties (6.0.6.1)
      actionpack (= 6.0.6.1)
      activesupport (= 6.0.6.1)
      method_source
      rake (>= 0.8.7)
      thor (>= 0.20.3, < 2.0)
    rainbow (2.2.2)
      rake
    rake (13.0.6)
    ransack (2.3.0)
      actionpack (>= 5.0)
      activerecord (>= 5.0)
      activesupport (>= 5.0)
      i18n
      polyamorous (= 2.3.0)
    react-rails (2.6.1)
      babel-transpiler (>= 0.7.0)
      connection_pool
      execjs
      railties (>= 3.2)
      tilt
    redcarpet (3.6.0)
    redis (4.6.0)
    redis-namespace (1.10.0)
      redis (>= 4)
    redlock (1.2.1)
      redis (>= 3.0.0, < 5.0)
    regexp_parser (2.6.1)
    request_store (1.5.0)
      rack (>= 1.4)
    responders (3.0.1)
      actionpack (>= 5.0)
      railties (>= 5.0)
    resque (2.4.0)
      mono_logger (~> 1.0)
      multi_json (~> 1.0)
      redis-namespace (~> 1.6)
      sinatra (>= 0.9.2)
    resque-retry (1.7.6)
      resque (>= 1.25, < 3.0)
      resque-scheduler (~> 4.0)
    resque-scheduler (4.7.0)
      mono_logger (~> 1.0)
      redis (>= 3.3)
      resque (>= 1.27)
      rufus-scheduler (~> 3.2, != 3.3)
    resque_solo (0.5.0)
      resque (>= 1.25.0)
    rexml (3.2.5)
    rouge (3.30.0)
    rspec-core (3.12.0)
      rspec-support (~> 3.12.0)
    rspec-expectations (3.12.0)
      diff-lcs (>= 1.2.0, < 2.0)
      rspec-support (~> 3.12.0)
    rspec-mocks (3.12.0)
      diff-lcs (>= 1.2.0, < 2.0)
      rspec-support (~> 3.12.0)
    rspec-rails (4.1.1)
      actionpack (>= 4.2)
      activesupport (>= 4.2)
      railties (>= 4.2)
      rspec-core (~> 3.10)
      rspec-expectations (~> 3.10)
      rspec-mocks (~> 3.10)
      rspec-support (~> 3.10)
    rspec-support (3.12.0)
    rubocop (1.20.0)
      parallel (~> 1.10)
      parser (>= 3.0.0.0)
      rainbow (>= 2.2.2, < 4.0)
      regexp_parser (>= 1.8, < 3.0)
      rexml
      rubocop-ast (>= 1.9.1, < 2.0)
      ruby-progressbar (~> 1.7)
      unicode-display_width (>= 1.4.0, < 3.0)
    rubocop-ast (1.24.0)
      parser (>= 3.1.1.0)
    rubocop-cobra (0.4.0)
      rubocop
      rubocop-powerhome
    rubocop-performance (1.11.5)
      rubocop (>= 1.7.0, < 2.0)
      rubocop-ast (>= 0.4.0)
    rubocop-powerhome (0.5.0)
      rubocop
      rubocop-performance
      rubocop-rails
      rubocop-rake
      rubocop-rspec
    rubocop-rails (2.12.2)
      activesupport (>= 4.2.0)
      rack (>= 1.1)
      rubocop (>= 1.7.0, < 2.0)
    rubocop-rake (0.6.0)
      rubocop (~> 1.0)
    rubocop-rspec (2.4.0)
      rubocop (~> 1.0)
      rubocop-ast (>= 1.1.0)
    ruby-progressbar (1.11.0)
    ruby-vips (2.1.4)
      ffi (~> 1.12)
    ruby2_keywords (0.0.5)
    rufus-scheduler (3.8.2)
      fugit (~> 1.1, >= 1.1.6)
    sassc (2.4.0)
      ffi (~> 1.9)
    sassc-rails (2.1.2)
      railties (>= 4.0.0)
      sassc (>= 2.0)
      sprockets (> 3.0)
      sprockets-rails
      tilt
    sentry-rails (5.5.0)
      railties (>= 5.0)
      sentry-ruby (~> 5.5.0)
    sentry-resque (5.5.0)
      resque (>= 1.24)
      sentry-ruby (~> 5.5.0)
    sentry-ruby (5.5.0)
      concurrent-ruby (~> 1.0, >= 1.0.2)
    simple_form (5.0.1)
      actionpack (>= 5.0)
      activemodel (>= 5.0)
    simplecov (0.15.1)
      docile (~> 1.1.0)
      json (>= 1.8, < 3)
      simplecov-html (~> 0.10.0)
    simplecov-html (0.10.2)
    sinatra (3.0.5)
      mustermann (~> 3.0)
      rack (~> 2.2, >= 2.2.4)
      rack-protection (= 3.0.5)
      tilt (~> 2.0)
    singleton (0.1.1)
    smbhash (1.0.2)
    sprockets (3.7.2)
      concurrent-ruby (~> 1.0)
      rack (> 1, < 3)
    sprockets-rails (2.3.3)
      actionpack (>= 3.0)
      activesupport (>= 3.0)
      sprockets (>= 2.8, < 4.0)
    terrapin (0.6.0)
      climate_control (>= 0.0.3, < 1.0)
    test-unit (3.1.5)
      power_assert
    text (1.3.1)
    thor (1.2.1)
    thread_safe (0.3.6)
    tilt (2.1.0)
    timeout (0.3.1)
    transaction_isolation (1.0.5)
      activerecord (>= 3.0.11)
    transaction_retry (1.0.2)
      activerecord (>= 3.0.11)
      transaction_isolation (>= 1.0.2)
    turbolinks (5.2.1)
      turbolinks-source (~> 5.2)
    turbolinks-source (5.2.0)
    tzinfo (1.2.11)
      thread_safe (~> 0.1)
    unicode-display_width (2.3.0)
    useragent (0.16.8)
    view_component (2.55.0)
      activesupport (>= 5.0.0, < 8.0)
      method_source (~> 1.0)
    warden (1.2.6)
      rack (>= 1.0)
    webpacker (4.3.0)
      activesupport (>= 4.2)
      rack-proxy (>= 0.6.1)
      railties (>= 4.2)
    webpacker-react (0.3.2)
      webpacker
    websocket-driver (0.7.5)
      websocket-extensions (>= 0.1.0)
    websocket-extensions (0.1.5)
    will_paginate (3.3.0)
    will_paginate-bootstrap (1.0.1)
      will_paginate (>= 3.0.3)
    yard (0.9.21)
    zeitwerk (2.6.7)

PLATFORMS
  arm64-darwin-20
  arm64-darwin-21
  arm64-darwin-22
  ruby
  x86_64-darwin-19
  x86_64-darwin-20
  x86_64-darwin-21
  x86_64-darwin-22
  x86_64-linux

DEPENDENCIES
  database_cleaner (= 1.8.5)
  directory!
  factory_bot_rails (= 5.1.1)
  nitro_attr_encrypted!
  nitro_auth!
  nitro_graphql!
  nitro_history!
  nitro_linting!
  nitro_mysql!
  pry-byebug (= 3.9.0)
  rainbow (= 2.2.2)
  rspec-rails (= 4.1.1)
  simplecov (= 0.15.1)
  test-unit (= 3.1.5)
  yard (= 0.9.21)

BUNDLED WITH
   2.4.7
